GIT
  remote: git://github.com/alphagov/test_track.git
  revision: 1f997082e2f1be94274d294c2f8d34ab0b21bb7f
  specs:
    test_track (0.1.0)
      rails (>= 3.1.0)

GIT
  remote: git://github.com/brynary/rack-test.git
  revision: 8cdb86e1d710194ce45f439915707db7fb2b27e5
  ref: 8cdb86e1
  specs:
    rack-test (0.6.2)
      rack (>= 1.0)

GIT
  remote: git://github.com/globalize/globalize.git
  revision: ab69160adc66d23b8d34aedc3ea9bfc724207494
  ref: ab69160ad
  specs:
    globalize3 (0.3.0)
      activemodel (>= 3.0.0)
      activerecord (>= 3.0.0)
      paper_trail (~> 2)

GEM
  remote: https://rubygems.org/
  specs:
    Ascii85 (1.0.2)
    PriorityQueue (0.1.2)
    actionmailer (3.2.18)
      actionpack (= 3.2.18)
      mail (~> 2.5.4)
    actionpack (3.2.18)
      activemodel (= 3.2.18)
      activesupport (= 3.2.18)
      builder (~> 3.0.0)
      erubis (~> 2.7.0)
      journey (~> 1.0.4)
      rack (~> 1.4.5)
      rack-cache (~> 1.2)
      rack-test (~> 0.6.1)
      sprockets (~> 2.2.1)
    activemodel (3.2.18)
      activesupport (= 3.2.18)
      builder (~> 3.0.0)
    activerecord (3.2.18)
      activemodel (= 3.2.18)
      activesupport (= 3.2.18)
      arel (~> 3.0.2)
      tzinfo (~> 0.3.29)
    activeresource (3.2.18)
      activemodel (= 3.2.18)
      activesupport (= 3.2.18)
    activesupport (3.2.18)
      i18n (~> 0.6, >= 0.6.4)
      multi_json (~> 1.0)
    addressable (2.3.6)
    afm (0.2.0)
    airbrake (3.1.15)
      builder
      multi_json
    arel (3.0.3)
    ast (2.0.0)
    astrolabe (1.3.0)
      parser (>= 2.2.0.pre.3, < 3.0)
    babosa (0.3.11)
    better_errors (2.1.0)
      coderay (>= 1.0.0)
      erubis (>= 2.6.6)
      rack (>= 0.9.0)
    binding_of_caller (0.7.2)
      debug_inspector (>= 0.0.1)
    bootstrap-kaminari-views (0.0.2)
      kaminari (>= 0.13)
      rails (>= 3.1)
    bootstrap-sass (2.3.2.2)
      sass (~> 3.2)
    builder (3.0.4)
    capybara (2.4.4)
      mime-types (>= 1.16)
      nokogiri (>= 1.3.3)
      rack (>= 1.0.0)
      rack-test (>= 0.5.4)
      xpath (~> 2.0)
    carrierwave (0.9.0)
      activemodel (>= 3.2.0)
      activesupport (>= 3.2.0)
      json (>= 1.7)
    celluloid (0.15.2)
      timers (~> 1.1.0)
    chronic (0.10.2)
    ci_reporter (1.8.4)
      builder (>= 2.1.2)
    cliver (0.3.2)
    coderay (1.1.0)
    connection_pool (2.0.0)
    crack (0.4.2)
      safe_yaml (~> 1.0.0)
    cucumber (1.3.18)
      builder (>= 2.1.2)
      diff-lcs (>= 1.1.3)
      gherkin (~> 2.12)
      multi_json (>= 1.7.5, < 2.0)
      multi_test (>= 0.1.1)
    cucumber-rails (1.4.2)
      capybara (>= 1.1.2, < 3)
      cucumber (>= 1.3.8, < 2)
      mime-types (>= 1.16, < 3)
      nokogiri (~> 1.5)
      rails (>= 3, < 5)
    daemons (1.1.9)
    dalli (2.7.2)
    database_cleaner (1.4.0)
    debug_inspector (0.0.2)
    diff-lcs (1.2.5)
    docile (1.1.5)
    equivalent-xml (0.5.1)
      nokogiri (>= 1.4.3)
    erubis (2.7.0)
    ethon (0.7.2)
      ffi (>= 1.3.0)
    eventmachine (1.0.4)
    execjs (2.2.2)
    factory_girl (4.5.0)
      activesupport (>= 3.0.0)
    faraday (0.9.0)
      multipart-post (>= 1.2, < 3)
    ffi (1.9.6)
    friendly_id (4.0.9)
    gds-api-adapters (17.2.0)
      link_header
      lrucache (~> 0.1.1)
      null_logger
      plek
      rack-cache
      rest-client (~> 1.6.3)
    gds-sso (10.0.0)
      multi_json (~> 1.0)
      oauth2 (~> 1.0)
      omniauth (~> 1.2)
      omniauth-gds (~> 3.1)
      rack-accept (~> 0.4.4)
      rails (>= 3.0.0)
      warden (~> 1.2)
      warden-oauth2 (~> 0.0.1)
    gherkin (2.12.2)
      multi_json (~> 1.3)
    govspeak (3.2.0)
      htmlentities (~> 4)
      kramdown (~> 1.4.1)
      nokogiri (~> 1.5.10)
      sanitize (~> 2.1.0)
    govuk_frontend_toolkit (3.1.0)
      rails (>= 3.1.0)
      sass (>= 3.2.0)
    hashery (2.1.1)
    hashie (3.2.0)
    hike (1.2.3)
    htmlentities (4.3.2)
    i18n (0.7.0)
    invalid_utf8_rejector (0.0.1)
      rack (~> 1.0)
    isbn_validation (1.2.1)
      activerecord (>= 3)
    jbuilder (2.2.6)
      activesupport (>= 3.0.0, < 5)
      multi_json (~> 1.2)
    journey (1.0.4)
    jquery-rails (3.0.4)
      railties (>= 3.0, < 5.0)
      thor (>= 0.14, < 2.0)
    jquery-ui-rails (4.1.1)
      railties (>= 3.1.0)
    json (1.8.1)
    json-schema (2.5.0)
      addressable (~> 2.3)
    jwt (1.0.0)
    kaminari (0.15.1)
      actionpack (>= 3.0.0)
      activesupport (>= 3.0.0)
    kgio (2.8.0)
    kramdown (1.4.2)
    launchy (2.4.3)
      addressable (~> 2.3)
    link_header (0.0.8)
    logstash-event (1.1.5)
    logstasher (0.6.2)
      logstash-event (~> 1.1.0)
      request_store
    lrucache (0.1.4)
      PriorityQueue (~> 0.1.2)
    mail (2.5.4)
      mime-types (~> 1.16)
      treetop (~> 1.4.8)
    metaclass (0.0.4)
    mime-types (1.25.1)
    mini_magick (3.6.0)
      subexec (~> 0.2.1)
    mocha (1.1.0)
      metaclass (~> 0.0.1)
    multi_json (1.10.1)
    multi_test (0.1.1)
    multi_xml (0.5.5)
    multipart-post (2.0.0)
    mustache (0.99.8)
    mysql2 (0.3.17)
    newrelic_rpm (3.9.9.275)
    nokogiri (1.5.11)
    null_logger (0.0.1)
    oauth2 (1.0.0)
      faraday (>= 0.8, < 0.10)
      jwt (~> 1.0)
      multi_json (~> 1.3)
      multi_xml (~> 0.5)
      rack (~> 1.2)
    omniauth (1.2.2)
      hashie (>= 1.2, < 4)
      rack (~> 1.0)
    omniauth-gds (3.1.0)
      multi_json (~> 1.10)
      omniauth-oauth2 (~> 1.0)
    omniauth-oauth2 (1.2.0)
      faraday (>= 0.8, < 0.10)
      multi_json (~> 1.3)
      oauth2 (~> 1.0)
      omniauth (~> 1.2)
    paper_trail (2.7.2)
      activerecord (~> 3.0)
      railties (~> 3.0)
    parallel (1.3.3)
    parallel_tests (1.0.7)
      parallel
    parser (2.2.0.1)
      ast (>= 1.1, < 3.0)
      slop (~> 3.4, >= 3.4.5)
    pdf-reader (1.3.3)
      Ascii85 (~> 1.0.0)
      afm (~> 0.2.0)
      hashery (~> 2.0)
      ruby-rc4
      ttfunk
    plek (1.10.0)
    poltergeist (1.5.1)
      capybara (~> 2.1)
      cliver (~> 0.3.1)
      multi_json (~> 1.0)
      websocket-driver (>= 0.2.0)
    polyglot (0.3.5)
    powerpack (0.0.9)
    quiet_assets (1.1.0)
      railties (>= 3.1, < 5.0)
    rack (1.4.5)
    rack-accept (0.4.5)
      rack (>= 0.4)
    rack-cache (1.2)
      rack (>= 0.4)
    rack-ssl (1.3.4)
      rack
    rack_strip_client_ip (0.0.1)
    rails (3.2.18)
      actionmailer (= 3.2.18)
      actionpack (= 3.2.18)
      activerecord (= 3.2.18)
      activeresource (= 3.2.18)
      activesupport (= 3.2.18)
      bundler (~> 1.0)
      railties (= 3.2.18)
    rails-i18n (0.7.3)
      i18n (~> 0.5)
    railties (3.2.18)
      actionpack (= 3.2.18)
      activesupport (= 3.2.18)
      rack-ssl (~> 1.3.2)
      rake (>= 0.8.7)
      rdoc (~> 3.4)
      thor (>= 0.14.6, < 2.0)
    rainbow (2.0.0)
    raindrops (0.11.0)
    rake (10.1.0)
    rdoc (3.12.2)
      json (~> 1.4)
    redis (3.1.0)
    redis-namespace (1.5.0)
      redis (~> 3.0, >= 3.0.4)
    request_store (1.1.0)
    rest-client (1.6.8)
      mime-types (~> 1.16)
      rdoc (>= 2.4.2)
    rubocop (0.28.0)
      astrolabe (~> 1.3)
      parser (>= 2.2.0.pre.7, < 3.0)
      powerpack (~> 0.0.6)
      rainbow (>= 1.99.1, < 3.0)
      ruby-progressbar (~> 1.4)
    ruby-prof (0.15.2)
    ruby-progressbar (1.7.1)
    ruby-rc4 (0.1.5)
    rummageable (1.2.0)
      multi_json
      null_logger
      rest-client
    safe_yaml (1.0.4)
    sanitize (2.1.0)
      nokogiri (>= 1.4.4)
    sass (3.2.8)
    sass-rails (3.2.6)
      railties (~> 3.2.0)
      sass (>= 3.1.10)
      tilt (~> 1.3)
    shared_mustache (0.0.2)
      execjs (>= 1.2.4)
      mustache (~> 0.99.4)
    sidekiq (3.2.1)
      celluloid (>= 0.15.2)
      connection_pool (>= 2.0.0)
      json
      redis (>= 3.0.6)
      redis-namespace (>= 1.3.1)
    sidekiq-logging-json (0.0.14)
      sidekiq (~> 3)
    simplecov (0.9.1)
      docile (~> 1.1.0)
      multi_json (~> 1.0)
      simplecov-html (~> 0.8.0)
    simplecov-html (0.8.0)
    simplecov-rcov (0.2.3)
      simplecov (>= 0.4.1)
    slimmer (4.3.1)
      activesupport
      json
      nokogiri (~> 1.5.0)
      null_logger
      plek (>= 0.1.8)
      rack (>= 1.3.5)
      rest-client
    slop (3.6.0)
    sprockets (2.2.3)
      hike (~> 1.2)
      multi_json (~> 1.0)
      rack (~> 1.0)
      tilt (~> 1.1, != 1.3.0)
    statsd-ruby (1.2.1)
    strong_parameters (0.2.3)
      actionpack (~> 3.0)
      activemodel (~> 3.0)
      activesupport (~> 3.0)
      railties (~> 3.0)
    subexec (0.2.3)
    test-queue (0.1.3)
    thin (1.6.3)
      daemons (~> 1.0, >= 1.0.9)
      eventmachine (~> 1.0)
      rack (~> 1.0)
    thor (0.19.1)
    tilt (1.4.1)
    timecop (0.7.1)
    timers (1.1.0)
    transitions (0.2.0)
    treetop (1.4.15)
      polyglot
      polyglot (>= 0.3.1)
    ttfunk (1.1.1)
    typhoeus (0.6.9)
      ethon (>= 0.7.1)
    tzinfo (0.3.42)
    uglifier (2.1.1)
      execjs (>= 0.3.0)
      multi_json (~> 1.0, >= 1.0.2)
    unicorn (4.6.2)
      kgio (~> 2.6)
      rack
      raindrops (~> 0.7)
    validates_email_format_of (1.6.1)
      i18n
    warden (1.2.3)
      rack (>= 1.0)
    warden-oauth2 (0.0.1)
      warden
    webmock (1.20.4)
      addressable (>= 2.3.6)
      crack (>= 0.3.2)
    websocket-driver (0.3.5)
    whenever (0.9.4)
      chronic (>= 0.6.3)
    xpath (2.0.0)
      nokogiri (~> 1.3)

PLATFORMS
  ruby

DEPENDENCIES
  addressable
  airbrake (= 3.1.15)
  babosa
  better_errors
  binding_of_caller
  bootstrap-kaminari-views
  bootstrap-sass (= 2.3.2.2)
  capybara (~> 2.4.4)
  carrierwave (= 0.9.0)
  chronic
  ci_reporter
  cucumber-rails (~> 1.4)
  dalli
  database_cleaner (= 1.4.0)
  equivalent-xml (= 0.5.1)
  factory_girl
  friendly_id (= 4.0.9)
  gds-api-adapters (= 17.2.0)
  gds-sso (~> 10.0)
  globalize3!
  govspeak (~> 3.2.0)
  govuk_frontend_toolkit (= 3.1.0)
  invalid_utf8_rejector (~> 0.0.1)
  isbn_validation
  jbuilder
  jquery-rails
  jquery-ui-rails
  json-schema (= 2.5.0)
  kaminari (= 0.15.1)
  launchy (~> 2.4.3)
  link_header
  logstasher (= 0.6.2)
  mini_magick
  mocha (= 1.1.0)
  mysql2
  newrelic_rpm
  nokogiri
  parallel_tests
  pdf-reader (= 1.3.3)
  plek (= 1.10.0)
  poltergeist (~> 1.5.1)
  quiet_assets
  rack-test!
  rack_strip_client_ip (= 0.0.1)
  rails (= 3.2.18)
  rails-i18n
  raindrops (= 0.11.0)
  rake (= 10.1.0)
  rubocop
  ruby-prof
  rummageable (= 1.2.0)
  sass (= 3.2.8)
  sass-rails
  shared_mustache (~> 0.0.2)
  sidekiq (~> 3.2.1)
  sidekiq-logging-json (= 0.0.14)
  simplecov
  simplecov-rcov
  slimmer (= 4.3.1)
  statsd-ruby (~> 1.2.1)
  strong_parameters
  test-queue
  test_track (~> 0.1.0)!
  thin (= 1.6.3)
  timecop
  transitions
  typhoeus (= 0.6.9)
  uglifier
  unicorn (= 4.6.2)
  validates_email_format_of
  webmock
  whenever (= 0.9.4)
